PATH
  remote: .
  specs:
    zerossl (0.1.0)
      dry-configurable (~> 0.11)

GEM
  remote: https://rubygems.org/
  specs:
    concurrent-ruby (1.1.9)
    dry-configurable (0.12.1)
      concurrent-ruby (~> 1.0)
      dry-core (~> 0.5, >= 0.5.0)
    dry-core (0.7.1)
      concurrent-ruby (~> 1.0)
    minitest (5.14.4)
    rake (12.3.3)

PLATFORMS
  ruby

DEPENDENCIES
  minitest (~> 5.0)
  rake (~> 12.0)
  zerossl!

BUNDLED WITH
   2.1.4
